GEM
  remote: http://rubygems.org/
  specs:
    addressable (2.2.6)
    diff-lcs (1.1.3)
    faraday (0.7.5)
      addressable (~> 2.2.6)
      multipart-post (~> 1.1.3)
      rack (>= 1.1.0, < 2)
    flickraw (0.9.5)
    multipart-post (1.1.4)
    oauth (0.4.5)
    rack (1.4.0)
    rspec (2.8.0)
      rspec-core (~> 2.8.0)
      rspec-expectations (~> 2.8.0)
      rspec-mocks (~> 2.8.0)
    rspec-core (2.8.0)
    rspec-expectations (2.8.0)
      diff-lcs (~> 1.1.2)
    rspec-mocks (2.8.0)
    simple_oauth (0.1.5)

PLATFORMS
  ruby

DEPENDENCIES
  faraday
  flickraw
  oauth
  rspec
  simple_oauth
